GEM
  remote: http://rubygems.org/
  specs:
    addressable (2.8.0)
      public_suffix (>= 2.0.2, < 5.0)
    crack (0.4.5)
      rexml
    gabba (1.0.1)
    hashdiff (1.0.1)
    kgio (2.11.2)
    mustermann (1.0.3)
    power_assert (1.1.3)
    public_suffix (4.0.6)
    rack (2.0.8)
    rack-protection (2.0.5)
      rack
    rack-test (1.1.0)
      rack (>= 1.0, < 3)
    raindrops (0.19.0)
    rake (12.3.3)
    rexml (3.2.5)
    semantic (1.6.1)
    sinatra (2.0.5)
      mustermann (~> 1.0)
      rack (~> 2.0)
      rack-protection (= 2.0.5)
      tilt (~> 2.0)
    test-unit (3.2.9)
      power_assert
    tilt (2.0.9)
    unicorn (5.4.1)
      kgio (~> 2.6)
      raindrops (~> 0.7)
    webmock (3.14.0)
      addressable (>= 2.8.0)
      crack (>= 0.3.2)
      hashdiff (>= 0.4.0, < 2.0.0)

PLATFORMS
  ruby

DEPENDENCIES
  gabba
  rack-test
  rake
  semantic
  sinatra
  test-unit
  unicorn
  webmock

RUBY VERSION
   ruby 2.6.8p205

BUNDLED WITH
   2.2.32
