GEM
  remote: http://rubygems.org/
  specs:
    gabba (1.0.1)
    kgio (2.11.2)
    mustermann (1.0.3)
    power_assert (1.1.1)
    rack (2.0.5)
    rack-protection (2.0.3)
      rack
    rack-test (0.8.3)
      rack (>= 1.0, < 3)
    raindrops (0.19.0)
    rake (12.3.0)
    sinatra (2.0.3)
      mustermann (~> 1.0)
      rack (~> 2.0)
      rack-protection (= 2.0.3)
      tilt (~> 2.0)
    test-unit (3.2.7)
      power_assert
    tilt (2.0.8)
    unicorn (5.4.0)
      kgio (~> 2.6)
      raindrops (~> 0.7)

PLATFORMS
  ruby

DEPENDENCIES
  gabba
  rack-test
  rake
  sinatra
  test-unit
  unicorn

BUNDLED WITH
   1.16.4
